GEM
  remote: http://rubygems.org/
  specs:
    bacon (1.2.0)
    oj (2.17.5)
    pg (0.19.0)
    rack (1.6.4)
    rack-protection (1.5.3)
      rack
    sequel (4.39.0)
    shotgun (0.9.2)
      rack (>= 1.0)
    sinatra (1.4.7)
      rack (~> 1.5)
      rack-protection (~> 1.4)
      tilt (>= 1.3, < 3)
    sinatra-cross_origin (0.3.2)
    sinatra-sequel (0.9.0)
      bacon
      sequel (>= 3.2.0)
      sinatra (>= 0.9.4)
    sqlite3 (1.3.12)
    tilt (2.0.5)

PLATFORMS
  ruby

DEPENDENCIES
  oj
  pg
  sequel
  shotgun
  sinatra
  sinatra-cross_origin (~> 0.3.1)
  sinatra-sequel
  sqlite3

BUNDLED WITH
   1.13.2
